GEM
  remote: https://rubygems.org/
  specs:
    ast (2.3.0)
    coderay (1.1.1)
    dotenv (2.2.0)
    faraday (0.11.0)
      multipart-post (>= 1.2, < 3)
    faraday_middleware (0.11.0.1)
      faraday (>= 0.7.4, < 1.0)
    ffi (1.9.17-java)
    method_source (0.8.2)
    multipart-post (2.0.0)
    parser (2.4.0.0)
      ast (~> 2.2)
    powerpack (0.1.1)
    pry (0.10.4-java)
      coderay (~> 1.1.0)
      method_source (~> 0.8.1)
      slop (~> 3.4)
      spoon (~> 0.0)
    rainbow (2.2.1)
    rubocop (0.47.1)
      parser (>= 2.3.3.1, < 3.0)
      powerpack (~> 0.1)
      rainbow (>= 1.99.1, < 3.0)
      ruby-progressbar (~> 1.7)
      unicode-display_width (~> 1.0, >= 1.0.1)
    ruby-progressbar (1.8.1)
    settingslogic (2.0.9)
    slop (3.6.0)
    spoon (0.0.6)
      ffi
    unicode-display_width (1.1.3)

PLATFORMS
  java

DEPENDENCIES
  dotenv
  faraday
  faraday_middleware
  pry
  rubocop
  settingslogic

BUNDLED WITH
   1.14.6
